GEM
  remote: https://rubygems.org/
  specs:
    rack (1.4.5)

PLATFORMS
  x86-mingw32

DEPENDENCIES
  rack
